GEM
  remote: http://rubygems.org/
  specs:
    activesupport (2.3.14)
    crack (0.3.2)
    diff-lcs (1.1.3)
    fakeweb (1.3.0)
    git (1.2.5)
    hashie (0.1.8)
    httparty (0.9.0)
      multi_json (~> 1.0)
      multi_xml
    jeweler (1.8.4)
      bundler (~> 1.0)
      git (>= 1.2.5)
      rake
      rdoc
    json (1.7.5)
    multi_json (1.3.6)
    multi_xml (0.5.1)
    rake (0.9.2.2)
    rdoc (3.12)
      json (~> 1.4)
    rspec (2.11.0)
      rspec-core (~> 2.11.0)
      rspec-expectations (~> 2.11.0)
      rspec-mocks (~> 2.11.0)
    rspec-core (2.11.1)
    rspec-expectations (2.11.3)
      diff-lcs (~> 1.1.3)
    rspec-mocks (2.11.3)

PLATFORMS
  ruby

DEPENDENCIES
  activesupport (~> 2.3.5)
  crack
  fakeweb (>= 1.2.8)
  hashie (~> 0.1.8)
  httparty (~> 0.9.0)
  jeweler
  json
  rake
  rspec (>= 1.3.0)
